GEM
  remote: http://rubygems.org/
  specs:
    httpclient (2.4.0)
    json (1.8.1)
    logger (1.2.8)
    logger-colors (1.0.0)
    minitest (5.3.4)
    rake (10.3.2)
    rdoc (3.12.2)
      json (~> 1.4)
    terminal-table (1.4.5)

PLATFORMS
  ruby

DEPENDENCIES
  bundler (~> 1.0)
  httpclient
  json
  logger
  logger-colors
  minitest
  rake
  rdoc (~> 3.12)
  terminal-table
